GIT
  remote: git://github.com/chip-rosenthal/findit-support.git
  revision: 520d56cccde0c5c416c1c338cf4d930f6c90536f
  specs:
    findit-support (0.0.1)
      json_pure (>= 1.7.7)
      sequel (>= 3.45.0)
      sqlite3 (>= 1.3.7)

GEM
  remote: https://rubygems.org/
  specs:
    ice_cube (0.10.0)
    json_pure (1.7.7)
    multi_json (1.3.7)
    rack (1.5.2)
    rack-protection (1.5.0)
      rack
    sequel (3.45.0)
    sinatra (1.4.1)
      rack (~> 1.5, >= 1.5.2)
      rack-protection (~> 1.4)
      tilt (~> 1.3, >= 1.3.4)
    sinatra-jsonp (0.4.1)
      multi_json (~> 1.3.7)
      sinatra (~> 1.0)
    sqlite3 (1.3.7)
    tilt (1.3.6)

PLATFORMS
  ruby

DEPENDENCIES
  findit-support!
  ice_cube
  sinatra
  sinatra-jsonp
